GIT
  remote: https://github.com/pushpop-project/pushpop
  revision: 05f0556b5b43a53862ac325180bb03e4a28f6425
  specs:
    pushpop (0.1.2)
      clockwork
      dotenv
      thor

GEM
  remote: https://rubygems.org/
  specs:
    activesupport (4.1.5)
      i18n (~> 0.6, >= 0.6.9)
      json (~> 1.7, >= 1.7.7)
      minitest (~> 5.1)
      thread_safe (~> 0.1)
      tzinfo (~> 1.1)
    addressable (2.3.6)
    clockwork (0.7.7)
      activesupport
      tzinfo
    dotenv (0.11.1)
      dotenv-deployment (~> 0.0.2)
    dotenv-deployment (0.0.2)
    i18n (0.6.11)
    json (1.8.1)
    keen (0.8.6)
      addressable (~> 2.3.5)
      multi_json (~> 1.3)
    minitest (5.4.0)
    multi_json (1.10.1)
    pushpop-keen (0.1.1)
      keen
      pushpop
    thor (0.19.1)
    thread_safe (0.3.4)
    tzinfo (1.2.2)
      thread_safe (~> 0.1)

PLATFORMS
  ruby

DEPENDENCIES
  pushpop!
  pushpop-keen
